RESTRICTION: == netcoreapp2.2
NUGET
  remote: https://api.nuget.org/v3/index.json
    McMaster.Extensions.CommandLineUtils (2.4.2)
      System.ComponentModel.Annotations (>= 4.4.1)
    Newtonsoft.Json (12.0.2)
    System.ComponentModel.Annotations (4.6)
